GIT
  remote: http://github.com/CocoaPods/CocoaPods
  revision: 07b875d71fc7ffd92ae00c14baa209f53898dfa8
  branch: xcode-5-support
  specs:
    cocoapods (0.24.0)
      activesupport (~> 3.0)
      claide (~> 0.3.2)
      cocoapods-core (= 0.24.0)
      cocoapods-downloader (~> 0.2.0)
      colored (~> 1.2)
      escape (~> 0.0.4)
      json (~> 1.8)
      open4 (~> 1.3)
      xcodeproj (~> 0.10.0)

GIT
  remote: http://github.com/CocoaPods/Xcodeproj
  revision: bc3a7126fa421a962ec433ba2fac11e88da0a0f4
  branch: redacted-support
  specs:
    xcodeproj (0.10.1)
      activesupport (~> 3.0)
      colored (~> 1.2)

GEM
  specs:
    activesupport (3.2.13)
      i18n (= 0.6.1)
      multi_json (~> 1.0)
    claide (0.3.2)
    cocoapods-core (0.24.0)
      activesupport (~> 3.0)
      json (~> 1.8)
      nap (~> 0.5)
    cocoapods-downloader (0.2.0)
    colored (1.2)
    escape (0.0.4)
    i18n (0.6.1)
    json (1.8.0)
    multi_json (1.4.0)
    nap (0.5.1)
    open4 (1.3.0)

PLATFORMS
  ruby

DEPENDENCIES
  cocoapods!
  xcodeproj!
